PATH
  remote: .
  specs:
    review_comments_collector (0.1.0)
      octokit (~> 4.14.0)

GEM
  remote: https://rubygems.org/
  specs:
    addressable (2.7.0)
      public_suffix (>= 2.0.2, < 5.0)
    diff-lcs (1.3)
    faraday (0.16.1)
      multipart-post (>= 1.2, < 3)
    multipart-post (2.1.1)
    octokit (4.14.0)
      sawyer (~> 0.8.0, >= 0.5.3)
    public_suffix (4.0.1)
    rake (10.5.0)
    rspec (3.8.0)
      rspec-core (~> 3.8.0)
      rspec-expectations (~> 3.8.0)
      rspec-mocks (~> 3.8.0)
    rspec-core (3.8.2)
      rspec-support (~> 3.8.0)
    rspec-expectations (3.8.4)
      diff-lcs (>= 1.2.0, < 2.0)
      rspec-support (~> 3.8.0)
    rspec-mocks (3.8.1)
      diff-lcs (>= 1.2.0, < 2.0)
      rspec-support (~> 3.8.0)
    rspec-support (3.8.2)
    sawyer (0.8.2)
      addressable (>= 2.3.5)
      faraday (> 0.8, < 2.0)

PLATFORMS
  ruby

DEPENDENCIES
  bundler (~> 2.0)
  rake (~> 10.0)
  review_comments_collector!
  rspec (~> 3.0)

BUNDLED WITH
   2.0.2
